GEM
  remote: https://rubygems.org/
  specs:
    rack (2.2.8.1)
    rake (12.3.3)

PLATFORMS
  ruby

DEPENDENCIES
  rack
  rake

BUNDLED WITH
   1.17.3
